GEM
  remote: https://rubygems.org/
  specs:
    ast (2.4.2)
    bson (5.0.1)
    cgi (0.4.1)
    concurrent-ruby (1.3.4)
    erb (4.0.3)
      cgi (>= 0.3.3)
    faker (3.5.1)
      i18n (>= 1.8.11, < 2)
    i18n (1.14.6)
      concurrent-ruby (~> 1.0)
    json (2.7.5)
    language_server-protocol (3.17.0.3)
    mongo (2.21.0)
      bson (>= 4.14.1, < 6.0.0)
    nokogiri (1.16.7-arm64-darwin)
      racc (~> 1.4)
    nokogiri (1.16.7-x64-mingw-ucrt)
      racc (~> 1.4)
    parallel (1.26.3)
    parser (3.3.5.1)
      ast (~> 2.4.1)
      racc
    racc (1.8.1)
    rainbow (3.1.1)
    regexp_parser (2.9.2)
    rubocop (1.68.0)
      json (~> 2.3)
      language_server-protocol (>= 3.17.0)
      parallel (~> 1.10)
      parser (>= 3.3.0.2)
      rainbow (>= 2.2.2, < 4.0)
      regexp_parser (>= 2.4, < 3.0)
      rubocop-ast (>= 1.32.2, < 2.0)
      ruby-progressbar (~> 1.7)
      unicode-display_width (>= 2.4.0, < 3.0)
    rubocop-ast (1.33.0)
      parser (>= 3.3.1.0)
    ruby-progressbar (1.13.0)
    sqlite3 (2.2.0-arm64-darwin)
    sqlite3 (2.2.0-x64-mingw-ucrt)
    unicode-display_width (2.6.0)
    yaml (0.3.0)

PLATFORMS
  arm64-darwin-23
  x64-mingw-ucrt

DEPENDENCIES
  erb
  faker
  json
  mongo
  nokogiri
  rubocop
  sqlite3
  yaml

BUNDLED WITH
   2.5.16
